GEM
  remote: https://rubygems.org/
  specs:
    actionmailer (7.0.4.2)
      actionpack (= 7.0.4.2)
      actionview (= 7.0.4.2)
      activejob (= 7.0.4.2)
      activesupport (= 7.0.4.2)
      mail (~> 2.5, >= 2.5.4)
      net-imap
      net-pop
      net-smtp
      rails-dom-testing (~> 2.0)
    actionpack (7.0.4.2)
      actionview (= 7.0.4.2)
      activesupport (= 7.0.4.2)
      rack (~> 2.0, >= 2.2.0)
      rack-test (>= 0.6.3)
      rails-dom-testing (~> 2.0)
      rails-html-sanitizer (~> 1.0, >= 1.2.0)
    actionview (7.0.4.2)
      activesupport (= 7.0.4.2)
      builder (~> 3.1)
      erubi (~> 1.4)
      rails-dom-testing (~> 2.0)
      rails-html-sanitizer (~> 1.1, >= 1.2.0)
    active_record_migrations (6.1.1.3)
      activerecord (>= 6.1.1)
      railties (>= 6.1.1)
      rake
    activejob (7.0.4.2)
      activesupport (= 7.0.4.2)
      globalid (>= 0.3.6)
    activemodel (7.0.4.2)
      activesupport (= 7.0.4.2)
    activerecord (7.0.4.2)
      activemodel (= 7.0.4.2)
      activesupport (= 7.0.4.2)
    activerecord-postgis-adapter (8.0.1)
      activerecord (~> 7.0.0)
      rgeo-activerecord (~> 7.0.0)
    activesupport (7.0.4.2)
      concurrent-ruby (~> 1.0, >= 1.0.2)
      i18n (>= 1.6, < 2)
      minitest (>= 5.1)
      tzinfo (~> 2.0)
    airbrussh (1.4.1)
      sshkit (>= 1.6.1, != 1.7.0)
    appsignal (1.1.0.beta.5)
      rack
      thread_safe
    bcrypt_pbkdf (1.1.0)
    builder (3.2.4)
    byebug (3.1.2)
      columnize (~> 0.8)
      debugger-linecache (~> 1.2)
    capistrano (3.17.1)
      airbrussh (>= 1.0.0)
      i18n
      rake (>= 10.0.0)
      sshkit (>= 1.9.0)
    capistrano-bundler (2.0.1)
      capistrano (~> 3.1)
    capistrano-maintenance (1.0.0)
      capistrano (>= 3.0)
    capistrano-passenger (0.2.1)
      capistrano (~> 3.0)
    capistrano-rvm (0.1.2)
      capistrano (~> 3.0)
      sshkit (~> 1.2)
    columnize (0.9.0)
    concurrent-ruby (1.2.0)
    crass (1.0.6)
    database_cleaner (1.5.1)
    date (3.3.3)
    debugger-linecache (1.2.0)
    dotenv (2.1.0)
    dry-core (1.0.0)
      concurrent-ruby (~> 1.0)
      zeitwerk (~> 2.6)
    dry-inflector (1.0.0)
    dry-logic (1.5.0)
      concurrent-ruby (~> 1.0)
      dry-core (~> 1.0, < 2)
      zeitwerk (~> 2.6)
    dry-types (1.7.0)
      concurrent-ruby (~> 1.0)
      dry-core (~> 1.0, < 2)
      dry-inflector (~> 1.0, < 2)
      dry-logic (>= 1.4, < 2)
      zeitwerk (~> 2.6)
    ed25519 (1.2.4)
    erubi (1.12.0)
    exception_notification (4.5.0)
      actionmailer (>= 5.2, < 8)
      activesupport (>= 5.2, < 8)
    factory_girl (4.5.0)
      activesupport (>= 3.0.0)
    globalid (1.1.0)
      activesupport (>= 5.0)
    grape (1.7.0)
      activesupport
      builder
      dry-types (>= 1.1)
      mustermann-grape (~> 1.0.0)
      rack (>= 1.3.0)
      rack-accept
    grape-kaminari (0.1.8)
      grape
      kaminari
    grape-rabl (0.4.1)
      grape
      i18n
      rabl
      tilt
    grape_logging (1.3.0)
      grape
    i18n (1.12.0)
      concurrent-ruby (~> 1.0)
    kaminari (0.16.3)
      actionpack (>= 3.0.0)
      activesupport (>= 3.0.0)
    kramdown (1.9.0)
    loofah (2.19.1)
      crass (~> 1.0.2)
      nokogiri (>= 1.5.9)
    mail (2.8.0.1)
      mini_mime (>= 0.1.1)
      net-imap
      net-pop
      net-smtp
    method_source (1.0.0)
    mini_mime (1.1.2)
    mini_portile2 (2.8.1)
    minitest (5.9.0)
    minitest-around (0.3.2)
      minitest (~> 5.0)
    mustermann (3.0.0)
      ruby2_keywords (~> 0.0.1)
    mustermann-grape (1.0.2)
      mustermann (>= 1.0.0)
    net-imap (0.3.4)
      date
      net-protocol
    net-pop (0.1.2)
      net-protocol
    net-protocol (0.2.1)
      timeout
    net-scp (4.0.0)
      net-ssh (>= 2.6.5, < 8.0.0)
    net-smtp (0.3.3)
      net-protocol
    net-ssh (7.0.1)
    nokogiri (1.14.1)
      mini_portile2 (~> 2.8.0)
      racc (~> 1.4)
    pg (0.18.4)
    pony (1.11)
      mail (>= 2.0)
    rabl (0.11.8)
      activesupport (>= 2.3.14)
    racc (1.6.2)
    rack (2.2.6.2)
    rack-accept (0.4.5)
      rack (>= 0.4)
    rack-cors (0.4.0)
    rack-protection (3.0.5)
      rack
    rack-test (0.6.3)
      rack (>= 1.0)
    rack_csrf (2.7.0)
      rack (>= 1.1.0)
    rails-dom-testing (2.0.3)
      activesupport (>= 4.2.0)
      nokogiri (>= 1.6)
    rails-html-sanitizer (1.5.0)
      loofah (~> 2.19, >= 2.19.1)
    railties (7.0.4.2)
      actionpack (= 7.0.4.2)
      activesupport (= 7.0.4.2)
      method_source
      rake (>= 12.2)
      thor (~> 1.0)
      zeitwerk (~> 2.5)
    rake (13.0.6)
    rgeo (3.0.0)
    rgeo-activerecord (7.0.1)
      activerecord (>= 5.0)
      rgeo (>= 1.0.0)
    ruby2_keywords (0.0.5)
    sinatra (3.0.5)
      mustermann (~> 3.0)
      rack (~> 2.2, >= 2.2.4)
      rack-protection (= 3.0.5)
      tilt (~> 2.0)
    slack-notifier (1.5.1)
    sshkit (1.21.3)
      net-scp (>= 1.1.2)
      net-ssh (>= 2.8.0)
    thor (1.2.1)
    thread_safe (0.3.6)
    tilt (2.0.11)
    timeout (0.3.1)
    tzinfo (2.0.6)
      concurrent-ruby (~> 1.0)
    zeitwerk (2.6.6)

PLATFORMS
  ruby

DEPENDENCIES
  active_record_migrations (~> 6.1.1.3)
  activerecord (~> 7.0.4)
  activerecord-postgis-adapter (~> 8.0.1)
  activesupport (~> 7.0.4)
  appsignal (~> 1.1.0.beta.5)
  bcrypt_pbkdf
  byebug (~> 3.1.2)
  capistrano (~> 3.17.1)
  capistrano-bundler (~> 2.0.1)
  capistrano-maintenance (~> 1.0)
  capistrano-passenger (~> 0.2.1)
  capistrano-rvm (~> 0.1.2)
  database_cleaner (~> 1.5.1)
  dotenv (~> 2.1.0)
  ed25519
  exception_notification (~> 4.5.0)
  factory_girl (~> 4.0)
  grape (~> 1.7.0)
  grape-kaminari (~> 0.1.8)
  grape-rabl (~> 0.4.1)
  grape_logging (~> 1.3.0)
  kramdown (~> 1.9.0)
  minitest
  minitest-around (~> 0.3.2)
  pg (~> 0.18.4)
  pony (~> 1.11)
  rack-cors
  rack-test (~> 0.6.3)
  rack_csrf (~> 2.7.0)
  rake (~> 13.0.6)
  sinatra (~> 3.0.5)
  slack-notifier (~> 1.5.1)

BUNDLED WITH
   1.12.5
